GEM
  remote: https://rubygems.org/
  specs:
    gnuplot (2.6.2)
    json (1.7.7)

PLATFORMS
  ruby

DEPENDENCIES
  gnuplot
  json
